GEM
  remote: http://rubygems.org/
  specs:
    deprecated (3.0.1)
    dotenv (0.4.0)
    ipaddress (0.8.0)
    libxml-ruby (2.4.0)
    maid (0.2.1)
      deprecated (~> 3.0.1)
      ohai (~> 6.14.0)
      thor (~> 0.16.0)
      xdg (~> 2.2.3)
    mixlib-cli (1.3.0)
    mixlib-config (1.1.2)
    mixlib-log (1.4.1)
    ohai (6.14.0)
      ipaddress
      mixlib-cli
      mixlib-config
      mixlib-log
      systemu
      yajl-ruby
    systemu (2.5.2)
    thor (0.16.0)
    www-delicious (0.4.0)
    xdg (2.2.3)
    yajl-ruby (1.1.0)

PLATFORMS
  ruby

DEPENDENCIES
  dotenv
  libxml-ruby
  maid
  www-delicious
