GEM
  remote: http://rubygems.org/
  specs:
    dotenv (0.4.0)
    www-delicious (0.4.0)

PLATFORMS
  ruby

DEPENDENCIES
  dotenv
  www-delicious
